PATH
  remote: .
  specs:
    drone_plugin (0.0.1)
      env_bang
      liquid

GEM
  remote: https://rubygems.org/
  specs:
    awesome_print (1.8.0)
    byebug (10.0.2)
    coderay (1.1.2)
    diff-lcs (1.3)
    env_bang (0.4.2)
    liquid (4.0.0)
    method_source (0.9.0)
    pry (0.11.3)
      coderay (~> 1.1.0)
      method_source (~> 0.9.0)
    pry-byebug (3.6.0)
      byebug (~> 10.0)
      pry (~> 0.10)
    rake (12.3.1)
    rspec (3.7.0)
      rspec-core (~> 3.7.0)
      rspec-expectations (~> 3.7.0)
      rspec-mocks (~> 3.7.0)
    rspec-core (3.7.1)
      rspec-support (~> 3.7.0)
    rspec-expectations (3.7.0)
      diff-lcs (>= 1.2.0, < 2.0)
      rspec-support (~> 3.7.0)
    rspec-mocks (3.7.0)
      diff-lcs (>= 1.2.0, < 2.0)
      rspec-support (~> 3.7.0)
    rspec-support (3.7.1)
    yard (0.9.14)

PLATFORMS
  ruby

DEPENDENCIES
  awesome_print
  bundler
  drone_plugin!
  pry-byebug
  rake
  rspec
  yard

RUBY VERSION
   ruby 2.5.1p57

BUNDLED WITH
   1.16.2
